GEM
  remote: http://rubygems.org/
  specs:
    CFPropertyList (3.0.6)
      rexml
    atomos (0.1.3)
    claide (1.1.0)
    colored2 (3.1.2)
    nanaimo (0.3.0)
    rexml (3.2.6)
    xcodeproj (1.24.0)
      CFPropertyList (>= 2.3.3, < 4.0)
      atomos (~> 0.1.3)
      claide (>= 1.0.2, < 2.0)
      colored2 (~> 3.1)
      nanaimo (~> 0.3.0)
      rexml (~> 3.2.4)
    yard (0.9.36)

PLATFORMS
  arm64-darwin-23
  ruby

DEPENDENCIES
  xcodeproj
  yard

BUNDLED WITH
   2.5.4
